GEM
  remote: https://rubygems.org/
  specs:
    coderay (1.1.3)
    method_source (1.0.0)
    pry (0.14.2)
      coderay (~> 1.1)
      method_source (~> 1.0)
    taglib-ruby (1.1.3)
    thor (0.20.0)

PLATFORMS
  ruby

DEPENDENCIES
  pry
  taglib-ruby
  thor

RUBY VERSION
   ruby 3.2.5p208

BUNDLED WITH
   2.4.10
