GEM
  remote: https://rubygems.org/
  specs:
    taglib-ruby (1.0.1)
    thor (1.0.1)

PLATFORMS
  ruby

DEPENDENCIES
  taglib-ruby
  thor

RUBY VERSION
   ruby 2.7.2p137

BUNDLED WITH
   2.1.4
