GEM
  remote: https://rubygems.org/
  specs:
    taglib-ruby (1.1.2)
    thor (1.2.1)

PLATFORMS
  ruby

DEPENDENCIES
  taglib-ruby
  thor

RUBY VERSION
   ruby 2.7.6p219

BUNDLED WITH
   2.1.4
