GEM
  remote: https://rubygems.org/
  specs:
    taglib-ruby (0.7.1)
    thor (0.20.0)

PLATFORMS
  ruby

DEPENDENCIES
  taglib-ruby
  thor

RUBY VERSION
   ruby 2.6.3p62

BUNDLED WITH
   1.17.2
