GEM
  remote: https://rubygems.org/
  specs:
    byebug (12.0.0)
    coderay (1.1.3)
    ffprober (1.0)
      sorbet-runtime
    method_source (1.0.0)
    pry (0.14.2)
      coderay (~> 1.1)
      method_source (~> 1.0)
    pry-byebug (3.11.0)
      byebug (~> 12.0)
      pry (>= 0.13, < 0.16)
    sorbet-runtime (0.5.12043)
    taglib-ruby (1.1.3)
    thor (0.20.0)

PLATFORMS
  ruby

DEPENDENCIES
  ffprober
  pry
  pry-byebug
  taglib-ruby
  thor

RUBY VERSION
   ruby 3.3.7p123

BUNDLED WITH
   2.4.10
