GEM
  remote: https://rubygems.org/
  specs:
    taglib-ruby (1.1.3)
    thor (0.20.0)

PLATFORMS
  ruby

DEPENDENCIES
  taglib-ruby
  thor

RUBY VERSION
   ruby 3.2.1p31

BUNDLED WITH
   2.4.10
